PATH
  remote: .
  specs:
    simplex_solver (0.1.0)

GEM
  remote: https://rubygems.org/
  specs:
    awesome_print (1.0.2)
    minitest (5.11.3)
    rake (10.5.0)

PLATFORMS
  ruby

DEPENDENCIES
  awesome_print
  bundler (~> 1.16)
  minitest (~> 5.0)
  rake (~> 10.0)
  simplex_solver!

BUNDLED WITH
   1.16.4
